GEM
  remote: https://rubygems.org/
  specs:
    backports (3.8.0)
    coderay (1.1.1)
    colorize (0.8.1)
    ffi (1.9.18)
    foreman (0.84.0)
      thor (~> 0.19.1)
    formatador (0.2.5)
    guard (2.14.1)
      formatador (>= 0.2.4)
      listen (>= 2.7, < 4.0)
      lumberjack (~> 1.0)
      nenv (~> 0.1)
      notiffany (~> 0.0)
      pry (>= 0.9.12)
      shellany (~> 0.0)
      thor (>= 0.18.1)
    guard-compat (1.2.1)
    guard-shell (0.7.1)
      guard (>= 2.0.0)
      guard-compat (~> 1.0)
    hashie (3.5.5)
    listen (3.1.5)
      rb-fsevent (~> 0.9, >= 0.9.4)
      rb-inotify (~> 0.9, >= 0.9.7)
      ruby_dep (~> 1.2)
    lumberjack (1.0.12)
    method_source (0.8.2)
    multi_json (1.12.1)
    mustermann (1.0.0)
    nenv (0.3.0)
    notiffany (0.1.1)
      nenv (~> 0.1)
      shellany (~> 0.0)
    power_assert (1.0.2)
    pry (0.10.4)
      coderay (~> 1.1.0)
      method_source (~> 0.8.1)
      slop (~> 3.4)
    rack (2.0.3)
    rack-protection (2.0.0)
      rack
    rake (12.0.0)
    rb-fsevent (0.9.8)
    rb-inotify (0.9.8)
      ffi (>= 0.5.0)
    ruby_dep (1.5.0)
    shellany (0.0.1)
    sinatra (2.0.0)
      mustermann (~> 1.0)
      rack (~> 2.0)
      rack-protection (= 2.0.0)
      tilt (~> 2.0)
    sinatra-contrib (2.0.0)
      backports (>= 2.0)
      multi_json
      mustermann (~> 1.0)
      rack-protection (= 2.0.0)
      sinatra (= 2.0.0)
      tilt (>= 1.3, < 3)
    slop (3.6.0)
    terminal-notifier (1.8.0)
    terminal-notifier-guard (1.7.0)
    test-unit (3.2.3)
      power_assert
    thor (0.19.4)
    tilt (2.0.7)
    unindent (1.0)

PLATFORMS
  ruby

DEPENDENCIES
  colorize
  foreman
  guard
  guard-shell
  hashie
  pry
  rake
  sinatra
  sinatra-contrib
  terminal-notifier
  terminal-notifier-guard
  test-unit
  unindent

BUNDLED WITH
   1.14.6
